ObjectType = Image
NDims = 3
BinaryData = True
BinaryDataByteOrderMSB = False
CompressedData = False
TransformMatrix = 1  0  0  0  1  0  0  0  1
CenterOfRotation = 0  0  0
AnatomicalOrientation = RAI
Offset = 0  0  0
ElementSpacing = 1.3672      1.3672           8
DimSize = 147  147   12
ElementNumberOfChannels = 1
ElementType = MET_UCHAR
ElementDataFile = Patient_1.raw
